NUGET
  remote: https://www.nuget.org/api/v2
    FAKE (4.63)
    FSharp.Data (2.3.3)
      Zlib.Portable (>= 1.11) - restriction: || (&& (< net40) (>= portable-net45+win8)) (&& (< net40) (>= portable-net45+win8+sl5) (< portable-net45+win8+wp8+wpa81)) (&& (< net40) (< portable-net45+win8+sl5) (>= portable-net45+win8+wp8+wpa81))
    xunit.runner.console (2.3.0-beta4-build3742)
    Zlib.Portable (1.11) - restriction: || (&& (< net40) (>= portable-net45+win8)) (&& (< net40) (>= portable-net45+win8+sl5) (< portable-net45+win8+wp8+wpa81)) (&& (< net40) (< portable-net45+win8+sl5) (>= portable-net45+win8+wp8+wpa81))
